GIT
  remote: git://github.com/glejeune/ruby-leap-motion.git
  revision: b3af050a8feab73909ff5e05c8a117774d85f4da
  specs:
    leap-motion (0.0.1)

GEM
  remote: https://rubygems.org/
  specs:
    coderay (1.0.9)
    coreaudio (0.0.9)
      narray (~> 0.6.0.0)
    method_source (0.8.1)
    narray (0.6.0.8)
    pry (0.9.12.2)
      coderay (~> 1.0.5)
      method_source (~> 0.8)
      slop (~> 3.4)
    slop (3.4.5)

PLATFORMS
  ruby

DEPENDENCIES
  coreaudio
  leap-motion!
  pry
